GEM
  remote: http://rubygems.org/
  specs:
    addressable (2.2.6)
    em-http-request (1.0.0.beta.4)
      addressable (>= 2.2.3)
      em-socksify
      eventmachine (>= 1.0.0.beta.3)
      http_parser.rb (>= 0.5.1)
    em-socksify (0.1.0)
      eventmachine
    eventmachine (1.0.0.beta.3)
    http_parser.rb (0.5.1)
    rack (1.3.1)
    rack-test (0.6.0)
      rack (>= 1.0)
    rufus-scheduler (2.0.10)
      tzinfo (>= 0.3.23)
    sequel (3.25.0)
    sinatra (1.2.6)
      rack (~> 1.1)
      tilt (< 2.0, >= 1.2.2)
    sinatra-sequel (0.9.0)
      sequel (>= 3.2.0)
      sinatra (>= 0.9.4)
    slim (0.9.4)
      temple (~> 0.3.0)
      tilt (~> 1.2)
    sqlite3 (1.3.3)
    temple (0.3.2)
    tilt (1.3.2)
    tzinfo (0.3.29)

PLATFORMS
  ruby

DEPENDENCIES
  em-http-request (= 1.0.0.beta.4)
  eventmachine (= 1.0.0.beta.3)
  rack-test (~> 0.6)
  rufus-scheduler (~> 2.0)
  sequel (~> 3.25)
  sinatra (~> 1.2)
  sinatra-sequel (~> 0.9)
  slim (~> 0.9)
  sqlite3
  tzinfo (~> 0.3)
