GEM
  remote: http://rubygems.org/
  specs:
    rack (1.3.0)
    rufus-scheduler (2.0.10)
      tzinfo (>= 0.3.23)
    sequel (3.25.0)
    sinatra (1.2.6)
      rack (~> 1.1)
      tilt (< 2.0, >= 1.2.2)
    sinatra-sequel (0.9.0)
      sequel (>= 3.2.0)
      sinatra (>= 0.9.4)
    slim (0.9.4)
      temple (~> 0.3.0)
      tilt (~> 1.2)
    sqlite3 (1.3.3)
    temple (0.3.2)
    tilt (1.3.2)
    tzinfo (0.3.29)

PLATFORMS
  ruby

DEPENDENCIES
  rufus-scheduler (~> 2.0)
  sequel (~> 3.25)
  sinatra (~> 1.2)
  sinatra-sequel (~> 0.9)
  slim (~> 0.9)
  sqlite3
