GEM
  remote: http://rubygems.org/
  specs:
    addressable (2.2.6)
    capybara (0.4.1.2)
      celerity (>= 0.7.9)
      culerity (>= 0.2.4)
      mime-types (>= 1.16)
      nokogiri (>= 1.3.3)
      rack (>= 1.0.0)
      rack-test (>= 0.5.4)
      selenium-webdriver (>= 0.0.27)
      xpath (~> 0.1.3)
    capybara-webkit (0.5.0)
      capybara (~> 0.4.1)
    celerity (0.8.9)
    childprocess (0.2.0)
      ffi (~> 1.0.6)
    culerity (0.2.15)
    diff-lcs (1.1.2)
    em-http-request (1.0.0.beta.4)
      addressable (>= 2.2.3)
      em-socksify
      eventmachine (>= 1.0.0.beta.3)
      http_parser.rb (>= 0.5.1)
    em-socksify (0.1.0)
      eventmachine
    eventmachine (1.0.0.beta.3)
    ffi (1.0.9)
    http_parser.rb (0.5.1)
    json_pure (1.5.3)
    mime-types (1.16)
    nokogiri (1.5.0)
    rack (1.3.1)
    rack-test (0.6.0)
      rack (>= 1.0)
    rake (0.9.2)
    rspec (2.6.0)
      rspec-core (~> 2.6.0)
      rspec-expectations (~> 2.6.0)
      rspec-mocks (~> 2.6.0)
    rspec-core (2.6.4)
    rspec-expectations (2.6.0)
      diff-lcs (~> 1.1.2)
    rspec-mocks (2.6.0)
    rubyzip (0.9.4)
    rufus-scheduler (2.0.10)
      tzinfo (>= 0.3.23)
    selenium-webdriver (2.1.0)
      childprocess (>= 0.1.9)
      ffi (>= 1.0.7)
      json_pure
      rubyzip
    sequel (3.25.0)
    sinatra (1.2.6)
      rack (~> 1.1)
      tilt (< 2.0, >= 1.2.2)
    sinatra-sequel (0.9.0)
      sequel (>= 3.2.0)
      sinatra (>= 0.9.4)
    slim (0.9.4)
      temple (~> 0.3.0)
      tilt (~> 1.2)
    sqlite3 (1.3.3)
    steak (1.1.0)
      rspec (>= 1.3)
    temple (0.3.2)
    tilt (1.3.2)
    tzinfo (0.3.29)
    xpath (0.1.4)
      nokogiri (~> 1.3)

PLATFORMS
  ruby

DEPENDENCIES
  capybara-webkit
  em-http-request (= 1.0.0.beta.4)
  eventmachine (= 1.0.0.beta.3)
  rack-test (~> 0.6)
  rake
  rufus-scheduler (~> 2.0)
  sequel (~> 3.25)
  sinatra (~> 1.2)
  sinatra-sequel (~> 0.9)
  slim (~> 0.9)
  sqlite3
  steak
  tzinfo (~> 0.3)
