GIT
  remote: git://github.com/brynary/rack-test.git
  revision: 3bc79d37d21085c1ab13e7e78fc94323b60e9de1
  ref: 3bc79d37d21085c1ab13
  specs:
    rack-test (0.6.1)
      rack (>= 1.0)

GEM
  remote: http://rubygems.org/
  specs:
    activesupport (2.3.14)
    addressable (2.2.6)
    em-http-request (1.0.0)
      addressable (>= 2.2.3)
      em-socksify
      eventmachine (>= 1.0.0.beta.3)
      http_parser.rb (>= 0.5.2)
    em-socksify (0.1.0)
      eventmachine
    email_veracity (0.6.0)
    eventmachine (1.0.0.beta.4)
    execjs (1.2.9)
      multi_json (~> 1.0)
    http_parser.rb (0.5.3)
    i18n (0.6.0)
    jsmin (1.0.1)
    keepass-password-generator (0.1.0)
      activesupport (>= 2.2.0)
    mail (2.3.0)
      i18n (>= 0.4.0)
      mime-types (~> 1.16)
      treetop (~> 1.4.8)
    mime-types (1.16)
    multi_json (1.0.3)
    polyglot (0.3.2)
    rack (1.3.4)
    rake (0.9.2)
    rufus-scheduler (2.0.11)
      tzinfo (>= 0.3.23)
    sass (3.1.10)
    sequel (3.28.0)
    sinatra (1.2.6)
      rack (~> 1.1)
      tilt (>= 1.2.2, < 2.0)
    sinatra-assetpack (0.0.10)
      jsmin
      rack-test
      sinatra
      tilt (>= 1.3.0)
    sinatra-sequel (0.9.0)
      sequel (>= 3.2.0)
      sinatra (>= 0.9.4)
    slim (1.0.3)
      temple (~> 0.3.4)
      tilt (~> 1.3.2)
    sqlite3 (1.3.4)
    temple (0.3.4)
    tilt (1.3.3)
    treetop (1.4.10)
      polyglot
      polyglot (>= 0.3.1)
    tzinfo (0.3.30)
    uglifier (1.0.3)
      execjs (>= 0.3.0)
      multi_json (>= 1.0.2)

PLATFORMS
  ruby

DEPENDENCIES
  activesupport (= 2.3.14)
  em-http-request (= 1.0.0)
  email_veracity (~> 0.6.0)
  eventmachine (= 1.0.0.beta.4)
  keepass-password-generator (~> 0.1.0)
  mail (~> 2.3.0)
  rack-test!
  rake
  rufus-scheduler (~> 2.0)
  sass
  sequel (~> 3.27)
  sinatra (= 1.2.6)
  sinatra-assetpack
  sinatra-sequel (~> 0.9)
  slim (~> 1.0.2)
  sqlite3
  tzinfo (~> 0.3)
  uglifier
